GEM
  remote: https://rubygems.org/
  specs:
    activemodel (5.2.5)
      activesupport (= 5.2.5)
    activerecord (5.2.5)
      activemodel (= 5.2.5)
      activesupport (= 5.2.5)
      arel (>= 9.0)
    activerecord-reset-pk-sequence (0.2.1)
    activesupport (5.2.5)
      concurrent-ruby (~> 1.0, >= 1.0.2)
      i18n (>= 0.7, < 2)
      minitest (~> 5.1)
      tzinfo (~> 1.1)
    addressable (2.7.0)
      public_suffix (>= 2.0.2, < 5.0)
    arel (9.0.0)
    audio-playback (0.0.8)
      ffi-libc (~> 0.1, >= 0.1.0)
      ffi-portaudio (~> 0.1, >= 0.1.2)
      ruby-audio (~> 1.6, >= 1.6.1)
    capybara (3.35.3)
      addressable
      mini_mime (>= 0.1.3)
      nokogiri (~> 1.8)
      rack (>= 1.6.0)
      rack-test (>= 0.6.3)
      regexp_parser (>= 1.5, < 3.0)
      xpath (~> 3.2)
    capybara-mechanize (1.11.0)
      capybara (>= 2.4.4, < 4)
      mechanize (~> 2.7.0)
    childprocess (3.0.0)
    chronic (0.10.2)
    cliver (0.3.2)
    coderay (1.1.3)
    colorize (0.8.1)
    concurrent-ruby (1.1.8)
    connection_pool (2.2.5)
    domain_name (0.5.20190701)
      unf (>= 0.0.5, < 1.0.0)
    dotenv (2.7.6)
    faker (2.17.0)
      i18n (>= 1.6, < 2)
    ffi (1.15.0)
    ffi-libc (0.1.0)
      ffi (~> 1.0)
    ffi-portaudio (0.1.2)
      ffi
    figaro (1.2.0)
      thor (>= 0.14.0, < 2)
    headless (2.3.1)
    http-accept (1.7.0)
    http-cookie (1.0.3)
      domain_name (~> 0.5)
    i18n (1.8.10)
      concurrent-ruby (~> 1.0)
    json (2.5.1)
    kimurai (1.4.0)
      activesupport
      capybara (>= 2.15, < 4.0)
      capybara-mechanize
      cliver
      headless
      murmurhash3
      nokogiri
      pmap
      poltergeist
      pry
      rbcat (~> 0.2)
      selenium-webdriver
      thor
      whenever
    mapquest (0.0.2)
      json
      rest-client
    mechanize (2.7.7)
      domain_name (~> 0.5, >= 0.5.1)
      http-cookie (~> 1.0)
      mime-types (>= 1.17.2)
      net-http-digest_auth (~> 1.1, >= 1.1.1)
      net-http-persistent (>= 2.5.2)
      nokogiri (~> 1.6)
      ntlm-http (~> 0.1, >= 0.1.1)
      webrick (~> 1.7)
      webrobots (>= 0.0.9, < 0.2)
    method_source (1.0.0)
    mime-types (3.3.1)
      mime-types-data (~> 3.2015)
    mime-types-data (3.2021.0225)
    mini_mime (1.1.0)
    minitest (5.14.4)
    murmurhash3 (0.1.6)
    mustermann (1.1.1)
      ruby2_keywords (~> 0.0.1)
    net-http-digest_auth (1.4.1)
    net-http-persistent (4.0.1)
      connection_pool (~> 2.2)
    netrc (0.11.0)
    nokogiri (1.11.3-x86_64-darwin)
      racc (~> 1.4)
    ntlm-http (0.1.1)
    pastel (0.8.0)
      tty-color (~> 0.5)
    pmap (1.1.1)
    poltergeist (1.18.1)
      capybara (>= 2.1, < 4)
      cliver (~> 0.3.1)
      websocket-driver (>= 0.2.0)
    pry (0.14.1)
      coderay (~> 1.1)
      method_source (~> 1.0)
    public_suffix (4.0.6)
    racc (1.5.2)
    rack (2.2.3)
    rack-protection (2.1.0)
      rack
    rack-test (1.1.0)
      rack (>= 1.0, < 3)
    rake (13.0.3)
    rbcat (0.2.1)
    regexp_parser (2.1.1)
    require_all (3.0.0)
    rest-client (2.1.0)
      http-accept (>= 1.7.0, < 2.0)
      http-cookie (>= 1.0.2, < 2.0)
      mime-types (>= 1.16, < 4.0)
      netrc (~> 0.8)
    ruby-audio (1.6.1)
    ruby2_keywords (0.0.4)
    rubyzip (2.3.0)
    selenium-webdriver (3.142.7)
      childprocess (>= 0.5, < 4.0)
      rubyzip (>= 1.2.2)
    sinatra (2.1.0)
      mustermann (~> 1.0)
      rack (~> 2.2)
      rack-protection (= 2.1.0)
      tilt (~> 2.0)
    sinatra-activerecord (2.0.22)
      activerecord (>= 4.1)
      sinatra (>= 1.0)
    sqlite3 (1.4.2)
    thor (1.1.0)
    thread_safe (0.3.6)
    tilt (2.0.10)
    tty-color (0.6.0)
    tty-cursor (0.7.1)
    tty-font (0.5.0)
    tty-prompt (0.23.1)
      pastel (~> 0.8)
      tty-reader (~> 0.8)
    tty-reader (0.9.0)
      tty-cursor (~> 0.7)
      tty-screen (~> 0.8)
      wisper (~> 2.0)
    tty-screen (0.8.1)
    tzinfo (1.2.9)
      thread_safe (~> 0.1)
    unf (0.1.4)
      unf_ext
    unf_ext (0.0.7.7)
    webrick (1.7.0)
    webrobots (0.1.2)
    websocket-driver (0.7.3)
      websocket-extensions (>= 0.1.0)
    websocket-extensions (0.1.5)
    whenever (1.0.0)
      chronic (>= 0.6.3)
    wisper (2.0.1)
    xpath (3.2.0)
      nokogiri (~> 1.8)

PLATFORMS
  x86_64-darwin-18

DEPENDENCIES
  activerecord (~> 5.2)
  activerecord-reset-pk-sequence
  audio-playback
  colorize
  dotenv
  faker
  figaro
  kimurai
  mapquest
  pastel
  pry
  rake
  require_all
  sinatra-activerecord
  sqlite3
  tty-font
  tty-prompt

BUNDLED WITH
   2.2.5
